GEM
  remote: http://rubygems.org/
  specs:
    kgio (2.7.4)
    nest (1.1.2)
      redis
    ohm (1.2.0)
      nest (~> 1.0)
      redis
      scrivener (~> 0.0.3)
    rack (1.5.0)
    rack-protection (1.3.2)
      rack
    raindrops (0.10.0)
    redis (3.0.2)
    scrivener (0.0.3)
    sinatra (1.3.4)
      rack (~> 1.4)
      rack-protection (~> 1.3)
      tilt (~> 1.3, >= 1.3.3)
    tilt (1.3.3)
    unicorn (4.5.0)
      kgio (~> 2.6)
      rack
      raindrops (~> 0.7)

PLATFORMS
  ruby

DEPENDENCIES
  ohm
  sinatra
  unicorn
